GEM
  remote: https://rubygems.org/
  specs:
    colorize (0.7.3)
    json (1.8.1)
    mini_portile (0.6.0)
    nokogiri (1.6.3.1)
      mini_portile (= 0.6.0)

PLATFORMS
  ruby

DEPENDENCIES
  colorize
  json
  nokogiri
