GEM
  remote: https://rubygems.org/
  specs:
    colorize (0.7.3)
    json (2.2.0)
    mini_portile2 (2.4.0)
    nokogiri (1.10.2)
      mini_portile2 (~> 2.4.0)

PLATFORMS
  ruby

DEPENDENCIES
  colorize
  json
  nokogiri

BUNDLED WITH
   2.0.1
